GIT
  remote: https://github.com/grpc/grpc.git
  revision: cc3de1c3eba4c342c406729649f3c39f829dcdbc
  submodules: true
  specs:
    grpc (1.45.0.dev)
      google-protobuf (~> 3.19)
      googleapis-common-protos-types (~> 1.0)

PATH
  remote: .
  specs:
    rce (0.0.1)

GEM
  remote: https://rubygems.org/
  specs:
    ast (2.4.2)
    dotenv (2.7.6)
    google-protobuf (3.19.4)
    googleapis-common-protos-types (1.3.0)
      google-protobuf (~> 3.14)
    grpc-tools (1.43.1)
    parallel (1.21.0)
    parser (3.1.0.0)
      ast (~> 2.4.1)
    parslet (2.0.0)
    rainbow (3.1.1)
    rake (13.0.6)
    regexp_parser (2.2.1)
    rexml (3.2.5)
    rubocop (1.25.1)
      parallel (~> 1.10)
      parser (>= 3.1.0.0)
      rainbow (>= 2.2.2, < 4.0)
      regexp_parser (>= 1.8, < 3.0)
      rexml
      rubocop-ast (>= 1.15.1, < 2.0)
      ruby-progressbar (~> 1.7)
      unicode-display_width (>= 1.4.0, < 3.0)
    rubocop-ast (1.15.2)
      parser (>= 3.0.1.1)
    ruby-progressbar (1.11.0)
    toml (0.3.0)
      parslet (>= 1.8.0, < 3.0.0)
    unicode-display_width (2.1.0)

PLATFORMS
  x86_64-linux

DEPENDENCIES
  dotenv (~> 2.7)
  google-protobuf (~> 3.19)
  grpc!
  grpc-tools (~> 1.43)
  rake (~> 13.0)
  rce!
  rubocop (~> 1.21)
  toml (~> 0.3.0)

BUNDLED WITH
   2.3.7
